GEM
  remote: https://rubygems.org/
  specs:
    coderay (1.0.9)
    ejs (1.1.1)
    execjs (1.3.2)
      multi_json (~> 1.0)
    formatador (0.2.4)
    guard (1.7.0)
      formatador (>= 0.2.4)
      listen (>= 0.6.0)
      lumberjack (>= 1.0.2)
      pry (>= 0.9.10)
      thor (>= 0.14.6)
    guard-haml (0.4)
      guard (>= 1.1)
      haml (>= 3.0)
    guard-sass (1.0.4)
      guard (>= 1.1.0)
      sass (>= 3.1)
    guard-sprockets (0.4.2)
      execjs (~> 1.0)
      guard (>= 1.1.0)
      sprockets (~> 2.0)
    haml (4.0.2)
      tilt
    haml-sprockets (0.0.7)
      execjs (~> 1.3.0)
      sprockets (~> 2.1.2)
      tilt (~> 1.3)
    hike (1.2.2)
    listen (0.7.3)
    lumberjack (1.0.3)
    method_source (0.8.1)
    multi_json (1.7.2)
    pry (0.9.12)
      coderay (~> 1.0.5)
      method_source (~> 0.8)
      slop (~> 3.4)
    rack (1.5.2)
    rb-fsevent (0.9.3)
    sass (3.2.7)
    slop (3.4.4)
    sprockets (2.1.3)
      hike (~> 1.2)
      rack (~> 1.0)
      tilt (~> 1.1, != 1.3.0)
    thor (0.18.1)
    tilt (1.3.7)
    uglifier (2.0.1)
      execjs (>= 0.3.0)
      multi_json (~> 1.0, >= 1.0.2)

PLATFORMS
  ruby

DEPENDENCIES
  ejs
  guard
  guard-haml
  guard-sass
  guard-sprockets
  haml
  haml-sprockets
  rb-fsevent
  sass
  sprockets
  uglifier
